GEM
  remote: https://rubygems.org/
  specs:
    addressable (2.8.4)
      public_suffix (>= 2.0.2, < 6.0)
    colorize (0.8.1)
    fileutils (1.7.1)
    git (1.18.0)
      addressable (~> 2.8)
      rchardet (~> 1.8)
    public_suffix (5.0.1)
    rake (13.0.6)
    rchardet (1.8.0)

PLATFORMS
  x86_64-linux

DEPENDENCIES
  bundler
  colorize
  fileutils
  git
  rake

BUNDLED WITH
   2.3.5
