GEM
  remote: https://rubygems.org/
  specs:
    execjs (2.8.1)

PLATFORMS
  x86_64-linux

DEPENDENCIES
  execjs (= 2.8.1)

BUNDLED WITH
   2.3.5
