PATH
  remote: ../../dataqube-ruby
  specs:
    dataqube-ruby (0.0.1)

GEM
  remote: https://rubygems.org/
  specs:

PLATFORMS
  x86_64-linux

DEPENDENCIES
  dataqube-ruby!

BUNDLED WITH
   2.4.12
